GEM
  remote: https://rubygems.org/
  specs:
    byebug (10.0.2)
    rack (1.6.0)
    rack-protection (1.5.3)
      rack
    sinatra (1.4.5)
      rack (~> 1.4)
      rack-protection (~> 1.4)
      tilt (~> 1.3, >= 1.3.4)
    sinatra-cross_origin (0.4.0)
    tilt (1.4.1)

PLATFORMS
  ruby

DEPENDENCIES
  byebug
  sinatra
  sinatra-cross_origin

BUNDLED WITH
   1.16.2
